PATH
  remote: .
  specs:
    omniauth-islykill (0.9.9)
      nokogiri (~> 1.5)
      omniauth (~> 1.2)
      options
      ruby-saml (~> 1.0)

GEM
  remote: https://rubygems.org/
  specs:
    hashie (3.4.2)
    macaddr (1.7.1)
      systemu (~> 2.6.2)
    mini_portile (0.6.2)
    nokogiri (1.6.6.2)
      mini_portile (~> 0.6.0)
    omniauth (1.2.2)
      hashie (>= 1.2, < 4)
      rack (~> 1.0)
    options (2.3.2)
    rack (1.6.4)
    ruby-saml (1.0.0)
      nokogiri (>= 1.5.10)
      uuid (~> 2.3)
    systemu (2.6.5)
    uuid (2.3.8)
      macaddr (~> 1.0)

PLATFORMS
  ruby

DEPENDENCIES
  omniauth-islykill!
